PATH
  remote: .
  specs:
    willow_camp_cli (0.1.12)
      colorize (~> 0.8.1)
      fileutils (~> 1.0)
      json (~> 2.0)
      reverse_markdown (~> 2.1)

GEM
  remote: https://rubygems.org/
  specs:
    addressable (2.8.7)
      public_suffix (>= 2.0.2, < 7.0)
    bigdecimal (3.1.9)
    colorize (0.8.1)
    crack (1.0.0)
      bigdecimal
      rexml
    fileutils (1.7.3)
    hashdiff (1.2.0)
    json (2.12.2)
    mini_portile2 (2.8.9)
    minitest (5.25.5)
    mocha (2.2.0)
      ruby2_keywords (>= 0.0.5)
    nokogiri (1.18.8)
      mini_portile2 (~> 2.8.2)
      racc (~> 1.4)
    nokogiri (1.18.8-arm64-darwin)
      racc (~> 1.4)
    public_suffix (6.0.2)
    racc (1.8.1)
    rake (13.2.1)
    reverse_markdown (2.1.1)
      nokogiri
    rexml (3.4.1)
    ruby2_keywords (0.0.5)
    timecop (0.9.10)
    webmock (3.25.1)
      addressable (>= 2.8.0)
      crack (>= 0.3.2)
      hashdiff (>= 0.4.0, < 2.0.0)

PLATFORMS
  arm64-darwin-24
  ruby

DEPENDENCIES
  bundler (~> 2.0)
  minitest (~> 5.0)
  mocha (~> 2.2.0)
  rake (~> 13.0)
  timecop (~> 0.9)
  webmock (~> 3.18)
  willow_camp_cli!

BUNDLED WITH
   2.6.7
